GIT
  remote: git@github.com:andrely/OBT-Stat.git
  revision: bc7f953f6228ea4ace9f36172ba3531aca174d73
  specs:
    OBT+Stat (0.9.3)

GEM
  remote: https://rubygems.org/
  specs:
    deep_merge (1.0.0)
    test-unit (2.5.5)

PLATFORMS
  ruby

DEPENDENCIES
  OBT+Stat!
  deep_merge
  test-unit (>= 2.0)
