GIT
  remote: git@github.com:andrely/OBT-Stat.git
  revision: 55be4fddc4fbc9c7b15b1ad11ed6c73d10f8e27a
  specs:
    OBT+Stat (0.9.3)

GEM
  remote: https://rubygems.org/
  specs:
    deep_merge (1.0.0)
    test-unit (2.5.5)

PLATFORMS
  ruby

DEPENDENCIES
  OBT+Stat!
  deep_merge
  test-unit (>= 2.0)
