GEM
  remote: https://rubygems.org/
  specs:
    deep_merge (1.0.0)
    test-unit (2.5.5)

PLATFORMS
  ruby

DEPENDENCIES
  deep_merge
  test-unit (>= 2.0)
