GIT
  remote: git@github.com:andrely/OBT-Stat.git
  revision: 462f554bae0112ed2f39630b3515bfde44ada129
  specs:
    OBT+Stat (0.9.3)

GEM
  remote: https://rubygems.org/
  specs:
    deep_merge (1.0.0)
    test-unit (2.5.5)

PLATFORMS
  ruby

DEPENDENCIES
  OBT+Stat!
  deep_merge
  test-unit (>= 2.0)
